GEM
  remote: http://rubygems.org/
  specs:
    jruby-poi (0.8.2)
    jruby-rack (1.1.2)
    rack (1.4.0)
    rack-protection (1.2.0)
      rack
    rack-test (0.6.1)
      rack (>= 1.0)
    sinatra (1.3.2)
      rack (~> 1.3, >= 1.3.6)
      rack-protection (~> 1.2)
      tilt (~> 1.3, >= 1.3.3)
    tilt (1.3.3)
    trinidad (1.3.0)
      jruby-rack (>= 1.1.2)
      rack
      trinidad_jars (>= 1.0.1)
    trinidad_jars (1.0.2)

PLATFORMS
  java

DEPENDENCIES
  jruby-poi
  rack-test
  sinatra
  trinidad
